GEM
  remote: http://rubygems.org/
  specs:
    builder (3.0.0)
    cucumber (0.10.0)
      builder (>= 2.1.2)
      diff-lcs (~> 1.1.2)
      gherkin (~> 2.3.2)
      json (~> 1.4.6)
      term-ansicolor (~> 1.0.5)
    diff-lcs (1.1.3)
    gherkin (2.3.4)
      json (~> 1.4.6)
    gherkin (2.3.4-java)
      json (~> 1.4.6)
    gherkin (2.3.4-x86-mingw32)
      json (~> 1.4.6)
    json (1.4.6)
    json (1.4.6-java)
    json (1.4.6-x86-mingw32)
    rspec (2.7.0)
      rspec-core (~> 2.7.0)
      rspec-expectations (~> 2.7.0)
      rspec-mocks (~> 2.7.0)
    rspec-core (2.7.1)
    rspec-expectations (2.7.0)
      diff-lcs (~> 1.1.2)
    rspec-mocks (2.7.0)
    term-ansicolor (1.0.5)

PLATFORMS
  java
  ruby
  x86-mingw32

DEPENDENCIES
  cucumber
  rspec (>= 2.5.0)
